PATH
  remote: .
  specs:
    Test (0.1.0)

GEM
  remote: https://rubygems.org/
  specs:
    nokogiri (1.12.5-java)
      racc (~> 1.4)
    racc (1.6.0-java)

PLATFORMS
  universal-java-11

DEPENDENCIES
  Test!
  nokogiri (~> 1.12.5)

BUNDLED WITH
   2.2.33
